GEM
  remote: http://rubygems.org/
  specs:
    activesupport (3.0.5)
    builder (3.0.0)
    haml (3.0.25)
    i18n (0.5.0)
    json (1.5.1)
    mail (2.2.15)
      activesupport (>= 2.3.6)
      i18n (>= 0.4.0)
      mime-types (~> 1.16)
      treetop (~> 1.4.8)
    mime-types (1.16)
    oauth (0.4.4)
    polyglot (0.3.1)
    pony (1.1)
      mail (> 2.0)
    rack (1.2.2)
    rforce (0.7)
      builder (~> 3.0)
      oauth (~> 0.4)
    sinatra (1.2.1)
      rack (~> 1.1)
      tilt (>= 1.2.2, < 2.0)
    tilt (1.2.2)
    treetop (1.4.9)
      polyglot (>= 0.3.1)

PLATFORMS
  ruby

DEPENDENCIES
  builder
  haml
  json
  pony
  rforce
  sinatra
