GEM
  remote: http://rubygems.org/
  specs:
    builder (3.0.0)
    haml (3.0.25)
    oauth (0.4.4)
    rack (1.2.2)
    rforce (0.7)
      builder (~> 3.0)
      oauth (~> 0.4)
    sinatra (1.2.1)
      rack (~> 1.1)
      tilt (>= 1.2.2, < 2.0)
    tilt (1.2.2)

PLATFORMS
  ruby

DEPENDENCIES
  haml
  rforce
  sinatra
